GEM
  remote: https://rubygems.org/
  specs:
    concurrent-ruby (1.1.8)
    faker (2.17.0)
      i18n (>= 1.6, < 2)
    i18n (1.8.10)
      concurrent-ruby (~> 1.0)
    minitest (5.14.4)
    ruby2d (0.9.5)

PLATFORMS
  x86_64-darwin-20

DEPENDENCIES
  faker (~> 2.17)
  minitest (~> 5)
  ruby2d (~> 0.9.5)

BUNDLED WITH
   2.2.20
